GEM
  remote: https://gems.ruby-china.com/
  specs:
    htmlentities (4.3.4)
    minitest (5.16.3)
    nokogiri (1.15.4-x64-mingw-ucrt)
      racc (~> 1.4)
    racc (1.7.1)
    rake (13.0.6)

PLATFORMS
  x64-mingw-ucrt

DEPENDENCIES
  htmlentities
  minitest
  nokogiri
  rake

BUNDLED WITH
   2.4.10
